GIT
  remote: git://github.com/yasuhito/quarto.git
  revision: ef77a89921f14f1fb723831c8fb29dd2a7bc7e7d
  branch: develop
  specs:
    quarto (0.0.1)
      doc_raptor (~> 0.3.2)
      dotenv (~> 0.8.0)
      fattr (~> 2.2)
      mime-types (~> 1.24)
      naught (~> 1.0)
      netrc (~> 0.7.7)
      nokogiri (~> 1.6)
      rake (~> 10.0)
      sass (~> 3.2)
      slim (~> 2.0)
      sprockets (~> 2.12)
      tilt (~> 1.4)

GEM
  remote: https://rubygems.org/
  specs:
    ast (2.0.0)
    astrolabe (1.3.0)
      parser (>= 2.2.0.pre.3, < 3.0)
    celluloid (0.16.0)
      timers (~> 4.0.0)
    coderay (1.1.0)
    doc_raptor (0.3.2)
      httparty (>= 0.7.0)
    dotenv (0.8.0)
    fattr (2.2.2)
    ffi (1.9.6)
    formatador (0.2.5)
    guard (2.8.1)
      formatador (>= 0.2.4)
      listen (~> 2.7)
      lumberjack (~> 1.0)
      pry (>= 0.9.12)
      thor (>= 0.18.1)
    guard-rake (1.0.0)
      guard
      rake
    guard-rubocop (1.2.0)
      guard (~> 2.0)
      rubocop (~> 0.20)
    hike (1.2.3)
    hitimes (1.2.2)
    httparty (0.13.2)
      json (~> 1.8)
      multi_xml (>= 0.5.2)
    json (1.8.1)
    listen (2.7.11)
      celluloid (>= 0.15.2)
      rb-fsevent (>= 0.9.3)
      rb-inotify (>= 0.9)
    lumberjack (1.0.9)
    method_source (0.8.2)
    mime-types (1.25.1)
    mini_portile (0.6.1)
    multi_json (1.10.1)
    multi_xml (0.5.5)
    naught (1.0.0)
    netrc (0.7.9)
    nokogiri (1.6.4)
      mini_portile (~> 0.6.0)
    parser (2.2.0.pre.7)
      ast (>= 1.1, < 3.0)
      slop (~> 3.4, >= 3.4.5)
    powerpack (0.0.9)
    pry (0.10.1)
      coderay (~> 1.1.0)
      method_source (~> 0.8.1)
      slop (~> 3.4)
    rack (1.5.2)
    rainbow (2.0.0)
    rake (10.3.2)
    rb-fsevent (0.9.4)
    rb-inotify (0.9.5)
      ffi (>= 0.5.0)
    rubocop (0.27.0)
      astrolabe (~> 1.3)
      parser (>= 2.2.0.pre.6, < 3.0)
      powerpack (~> 0.0.6)
      rainbow (>= 1.99.1, < 3.0)
      ruby-progressbar (~> 1.4)
    ruby-progressbar (1.7.0)
    sass (3.4.7)
    slim (2.1.0)
      temple (~> 0.6.9)
      tilt (>= 1.3.3, < 2.1)
    slop (3.6.0)
    sprockets (2.12.3)
      hike (~> 1.2)
      multi_json (~> 1.0)
      rack (~> 1.0)
      tilt (~> 1.1, != 1.3.0)
    temple (0.6.10)
    thor (0.19.1)
    tilt (1.4.1)
    timers (4.0.1)
      hitimes

PLATFORMS
  ruby

DEPENDENCIES
  guard
  guard-rake
  guard-rubocop
  quarto!
  rake
  rubocop
