GIT
  remote: git://github.com/avdi/quarto.git
  revision: 10b844438c5e3ab488030ac7a796db71fb26c07f
  specs:
    quarto (0.0.1)
      doc_raptor (~> 0.3.2)
      dotenv (~> 0.8.0)
      fattr (~> 2.2)
      mime-types (~> 1.24)
      naught (~> 1.0)
      netrc (~> 0.7.7)
      nokogiri (~> 1.6)
      rake (~> 10.0)
      sass (~> 3.2)
      slim (~> 2.0)
      sprockets (~> 2.12)
      tilt (~> 1.4)

GEM
  remote: https://rubygems.org/
  specs:
    doc_raptor (0.3.2)
      httparty (>= 0.7.0)
    dotenv (0.8.0)
    fattr (2.2.2)
    hike (1.2.3)
    httparty (0.13.1)
      json (~> 1.8)
      multi_xml (>= 0.5.2)
    json (1.8.1)
    mime-types (1.25.1)
    mini_portile (0.6.0)
    multi_json (1.10.1)
    multi_xml (0.5.5)
    naught (1.0.0)
    netrc (0.7.9)
    nokogiri (1.6.3.1)
      mini_portile (= 0.6.0)
    rack (1.5.2)
    rake (10.3.2)
    sass (3.4.6)
    slim (2.1.0)
      temple (~> 0.6.9)
      tilt (>= 1.3.3, < 2.1)
    sprockets (2.12.2)
      hike (~> 1.2)
      multi_json (~> 1.0)
      rack (~> 1.0)
      tilt (~> 1.1, != 1.3.0)
    temple (0.6.10)
    tilt (1.4.1)

PLATFORMS
  ruby

DEPENDENCIES
  quarto!
  rake
