GEM
  remote: https://rubygems.org/
  specs:
    ast (2.1.0)
    astrolabe (1.3.1)
      parser (~> 2.2)
    bindata (2.1.0)
    coderay (1.1.0)
    gli (2.13.2)
    method_source (0.8.2)
    parser (2.2.3.0)
      ast (>= 1.1, < 3.0)
    phut (0.6.11)
      gli (~> 2.13.2)
      pio (~> 0.27.0)
      pry (~> 0.10.1)
    pio (0.27.2)
      bindata (~> 2.1.0)
    powerpack (0.1.1)
    pry (0.10.3)
      coderay (~> 1.1.0)
      method_source (~> 0.8.1)
      slop (~> 3.4)
    rainbow (2.0.0)
    rake (10.4.2)
    rubocop (0.34.2)
      astrolabe (~> 1.3)
      parser (>= 2.2.2.5, < 3.0)
      powerpack (~> 0.1)
      rainbow (>= 1.99.1, < 3.0)
      ruby-progressbar (~> 1.4)
    ruby-progressbar (1.7.5)
    slop (3.6.0)
    trema (0.7.1)
      bundler (~> 1.10.6)
      gli (~> 2.13.2)
      phut (~> 0.6.10)
      pio (~> 0.27.1)
      rake

PLATFORMS
  ruby

DEPENDENCIES
  rubocop
  trema

BUNDLED WITH
   1.10.6
